GEM
  remote: https://rubygems.org/
  specs:
    coderay (1.0.9)
    httparty (0.11.0)
      multi_json (~> 1.0)
      multi_xml (>= 0.5.2)
    method_source (0.8.1)
    multi_json (1.7.5)
    multi_xml (0.5.3)
    pry (0.9.12.2)
      coderay (~> 1.0.5)
      method_source (~> 0.8)
      slop (~> 3.4)
    slop (3.4.5)

PLATFORMS
  ruby

DEPENDENCIES
  httparty
  pry
